{
  "TaskName":"Phoneme_seq",
  "InstitutionName":"Stanford Hospital and Clinics",
  "InstitutionAddress":"300 Pasteur Dr, Stanford, CA 94305",
  "Manufacturer":"Tucker Davis Technologies",
  "ManufacturersModelName":"n/a",
  "TaskDescription":"visual gratings and noise patterns",
  "Instructions":"look at the dot in the center of the screen and press the button when it changes color",
  "iEEGReference":"left mastoid",
  "SamplingFrequency":2000,
  "PowerLineFrequency":60,
  "SoftwareFilters":"n/a",
  "DCOffsetCorrection":"n/a",
  "HardwareFilters":{"Highpass RC filter": {"Half amplitude cutoff (Hz)": 0.0159, "Roll-off": "6dBOctave"}},
  "ElectrodeManufacturer":"AdTech",
  "ECOGChannelCount":120,
  "SEEGChannelCount":0,
  "EEGChannelCount":0,
  "EOGChannelCount":0,
  "ECGChannelCount":0,
  "EMGChannelCount":0,
  "MiscChannelCount":0,
  "TriggerChannelCount":0,
  "RecordingDuration":233.639,
  "RecordingType":"continuous",
  "iEEGGround":"placed on the right mastoid",
  "iEEGPlacementScheme":"right occipital temporal surface",
  "ElectricalStimulation":false
}